GEM
  remote: https://rubygems.org/
  specs:
    addressable (2.3.8)
    filewatcher (0.5.1)
      trollop (~> 2.0)
    httparty (0.13.5)
      json (~> 1.8)
      multi_xml (>= 0.5.2)
    json (1.8.3)
    launchy (2.4.3)
      addressable (~> 2.3)
    mimemagic (0.3.0)
    multi_xml (0.5.5)
    sass (3.4.15)
    shopify_theme (0.0.22)
      filewatcher
      httparty (~> 0.13.0)
      json (~> 1.8.0)
      launchy
      mimemagic
      thor (>= 0.14.4)
    thor (0.19.1)
    trollop (2.1.2)

PLATFORMS
  ruby

DEPENDENCIES
  sass
  shopify_theme
